PATH
  remote: .
  specs:
    cucumber-farmer (1.0.3)
      mattscilipoti-rdialog (~> 0.6.1)

GEM
  remote: http://rubygems.org/
  specs:
    builder (2.1.2)
    ci_reporter (1.6.2)
      builder (>= 2.1.2)
    cucumber (0.8.5)
      builder (~> 2.1.2)
      diff-lcs (~> 1.1.2)
      gherkin (~> 2.1.4)
      json_pure (~> 1.4.3)
      term-ansicolor (~> 1.0.4)
    diff-lcs (1.1.2)
    gherkin (2.1.5)
      trollop (~> 1.16.2)
    json_pure (1.4.6)
    mattscilipoti-rdialog (0.6.1)
    nokogiri (1.4.3.1)
    rack (1.2.1)
    rack-test (0.5.4)
      rack (>= 1.0)
    shoulda (2.11.3)
    sinatra (1.0)
      rack (>= 1.0)
    term-ansicolor (1.0.5)
    trollop (1.16.2)
    webrat (0.7.1)
      nokogiri (>= 1.2.0)
      rack (>= 1.0)
      rack-test (>= 0.5.3)

PLATFORMS
  ruby

DEPENDENCIES
  bundler (~> 1.0.0)
  ci_reporter (~> 1.6.2)
  cucumber (~> 0.6)
  cucumber-farmer!
  mattscilipoti-rdialog (~> 0.6.1)
  rack-test (~> 0.5.0)
  shoulda (~> 2.10)
  sinatra (~> 1.0)
  webrat
